GEM
  remote: https://rubygems.org/
  specs:
    git (1.11.0)
      rchardet (~> 1.8)
    rchardet (1.8.0)

PLATFORMS
  ruby

DEPENDENCIES
  git

BUNDLED WITH
   2.3.3
